GEM
  remote: https://rubygems.org/
  specs:
    addressable (2.5.0)
      public_suffix (~> 2.0, >= 2.0.2)
    binding_of_caller (0.7.2)
      debug_inspector (>= 0.0.1)
    brocket (0.2.2)
      logger_pipe
      thor
    byebug (9.0.6)
    coderay (1.1.1)
    debug_inspector (0.0.2)
    digest-crc (0.4.1)
    dotenv (2.1.1)
    faraday (0.10.0)
      multipart-post (>= 1.2, < 3)
    google-api-client (0.9.20)
      addressable (~> 2.3)
      googleauth (~> 0.5)
      httpclient (~> 2.7)
      hurley (~> 0.1)
      memoist (~> 0.11)
      mime-types (>= 1.6)
      representable (~> 2.3.0)
      retriable (~> 2.0)
    google-cloud-core (0.21.1)
      googleauth (~> 0.5.1)
    google-cloud-logging (0.21.1)
      google-cloud-core (~> 0.21.0)
      google-gax (~> 0.6.0)
      google-protobuf (~> 3.0)
      googleapis-common-protos (~> 1.3)
      grpc (~> 1.0)
      orderedhash (= 0.0.6)
    google-cloud-pubsub (0.21.0)
      google-cloud-core (~> 0.21.0)
      google-gax (~> 0.6.0)
      google-protobuf (~> 3.0)
      googleapis-common-protos (~> 1.3)
      grpc (~> 1.0)
      grpc-google-iam-v1 (~> 0.6.8)
    google-cloud-storage (0.21.0)
      digest-crc (~> 0.4)
      google-api-client (~> 0.9.11)
      google-cloud-core (~> 0.21.0)
    google-gax (0.6.0)
      googleapis-common-protos (~> 1.3.1)
      googleauth (~> 0.5.1)
      grpc (~> 1.0)
      rly (~> 0.2.3)
    google-protobuf (3.0.2)
    googleapis-common-protos (1.3.4)
      google-protobuf (~> 3.0)
      grpc (~> 1.0)
    googleauth (0.5.1)
      faraday (~> 0.9)
      jwt (~> 1.4)
      logging (~> 2.0)
      memoist (~> 0.12)
      multi_json (~> 1.11)
      os (~> 0.9)
      signet (~> 0.7)
    grpc (1.0.1)
      google-protobuf (~> 3.0.2)
      googleauth (~> 0.5.1)
    grpc-google-iam-v1 (0.6.8)
      googleapis-common-protos (~> 1.3.1)
      googleauth (~> 0.5.1)
      grpc (~> 1.0)
    httpclient (2.8.2.4)
    hurley (0.2)
    jwt (1.5.6)
    little-plugger (1.1.4)
    logger_pipe (0.3.1)
    logging (2.1.0)
      little-plugger (~> 1.1)
      multi_json (~> 1.10)
    magellan-gcs-proxy (0.1.1)
      dotenv
      google-cloud-logging
      google-cloud-pubsub
      google-cloud-storage
      logger_pipe
    memoist (0.15.0)
    method_source (0.8.2)
    mime-types (3.1)
      mime-types-data (~> 3.2015)
    mime-types-data (3.2016.0521)
    multi_json (1.12.1)
    multipart-post (2.0.0)
    orderedhash (0.0.6)
    os (0.9.6)
    pry (0.10.4)
      coderay (~> 1.1.0)
      method_source (~> 0.8.1)
      slop (~> 3.4)
    pry-byebug (3.4.1)
      byebug (~> 9.0)
      pry (~> 0.10)
    pry-stack_explorer (0.4.9.2)
      binding_of_caller (>= 0.7)
      pry (>= 0.9.11)
    public_suffix (2.0.4)
    representable (2.3.0)
      uber (~> 0.0.7)
    retriable (2.1.0)
    rly (0.2.3)
    signet (0.7.3)
      addressable (~> 2.3)
      faraday (~> 0.9)
      jwt (~> 1.5)
      multi_json (~> 1.10)
    slop (3.6.0)
    thor (0.19.4)
    uber (0.0.15)

PLATFORMS
  ruby

DEPENDENCIES
  brocket
  magellan-gcs-proxy
  pry
  pry-byebug
  pry-stack_explorer

BUNDLED WITH
   1.13.6
